GEM
  remote: https://rubygems.org/
  specs:
    dotenv (2.7.6)
    faraday (1.0.1)
      multipart-post (>= 1.2, < 3)
    jwt (2.2.2)
    mini_portile2 (2.4.0)
    multipart-post (2.1.1)
    nokogiri (1.10.10)
      mini_portile2 (~> 2.4.0)
    rake (13.0.1)
    twilio-ruby (5.40.4)
      faraday (>= 0.9, < 2.0)
      jwt (>= 1.5, <= 2.5)
      nokogiri (>= 1.6, < 2.0)

PLATFORMS
  ruby

DEPENDENCIES
  dotenv
  nokogiri
  rake
  twilio-ruby

RUBY VERSION
   ruby 2.7.1p83

BUNDLED WITH
   2.1.4
